PATH
  remote: .
  specs:
    chino_ruby (1.1)
      activemodel (>= 5.0)

GEM
  remote: https://rubygems.org/
  specs:
    activemodel (5.1.3)
      activesupport (= 5.1.3)
    activesupport (5.1.3)
      concurrent-ruby (~> 1.0, >= 1.0.2)
      i18n (~> 0.7)
      minitest (~> 5.1)
      tzinfo (~> 1.1)
    concurrent-ruby (1.0.5)
    i18n (0.8.6)
    minitest (5.10.3)
    power_assert (1.0.2)
    test-unit (3.1.9)
      power_assert
    thread_safe (0.3.6)
    tzinfo (1.2.3)
      thread_safe (~> 0.1)

PLATFORMS
  ruby

DEPENDENCIES
  chino_ruby!
  test-unit (~> 3.1.2)

BUNDLED WITH
   1.15.4
